GEM
  remote: http://ruby.taobao.org/
  specs:
    bson (1.8.4)
    bson_ext (1.8.4)
      bson (~> 1.8.4)
    haml (4.0.2)
      tilt
    mongo (1.8.4)
      bson (~> 1.8.4)
    mongodb (2.1.0)
      mongo (~> 1.5)
    rack (1.5.2)
    rack-protection (1.5.0)
      rack
    sinatra (1.4.2)
      rack (~> 1.5, >= 1.5.2)
      rack-protection (~> 1.4)
      tilt (~> 1.3, >= 1.3.4)
    tilt (1.3.6)

PLATFORMS
  ruby

DEPENDENCIES
  bson_ext
  haml
  mongo
  mongodb
  sinatra
